PATH
  remote: .
  specs:
    airplay (1.2.0)
      CFPropertyList (~> 2.2)
      cuba (~> 3.8)
      dnssd (~> 3.0)
      http_parser.rb (~> 0.6)
      logging (~> 2.0)
      micromachine (~> 1.0)
      mime-types (>= 1.16)
      net-http-digest_auth (~> 1.2)
      puma (~> 3.6)
    airplay-cli (1.2.0)
      airplay (~> 1.2)
      clap (~> 1.0)
      ruby-progressbar (~> 1.8)

GEM
  remote: http://rubygems.org/
  specs:
    CFPropertyList (2.3.3)
    clap (1.0.0)
    cuba (3.8.0)
      rack (>= 1.6.0)
    cutest (1.2.3)
      clap
    dnssd (3.0.1)
    fakeweb (1.3.0)
    http_parser.rb (0.6.0)
    little-plugger (1.1.4)
    logging (2.0.0)
      little-plugger (~> 1.1)
      multi_json (~> 1.10)
    micromachine (1.0.4)
    mime-types (3.1)
      mime-types-data (~> 3.2015)
    mime-types-data (3.2016.0521)
    multi_json (1.12.1)
    net-http-digest_auth (1.2.1)
    puma (3.6.0)
    rack (2.0.1)
    rake (10.4.2)
    ruby-progressbar (1.8.1)
    vcr (2.4.0)

PLATFORMS
  ruby

DEPENDENCIES
  airplay!
  airplay-cli!
  cutest (~> 1.2)
  fakeweb (~> 1.3)
  rake
  vcr (~> 2.4)

BUNDLED WITH
   1.13.1
